GEM
  remote: https://rubygems.org/
  specs:
    minitest (5.3.5)

PLATFORMS
  x86_64-darwin-19

DEPENDENCIES
  minitest (~> 5.3.4)

BUNDLED WITH
   2.2.17
